GEM
  remote: https://rubygems.org/
  specs:
    pg (1.2.2)
    rake (13.0.1)
    sequel (5.28.0)

PLATFORMS
  ruby

DEPENDENCIES
  pg
  rake
  sequel

BUNDLED WITH
   2.1.4
